GEM
  remote: https://rubygems.org/
  specs:
    RedCloth (4.3.2)
    albino (1.3.3)
      posix-spawn (>= 0.3.6)
    chunky_png (1.4.0)
    classifier (1.3.5)
      fast-stemmer (~> 1.0.0)
      mathn
      rake
    coderay (1.1.3)
    compass (0.12.2)
      chunky_png (~> 1.2)
      fssm (>= 0.2.7)
      sass (~> 3.1)
    directory_watcher (1.5.1)
    em-websocket (0.5.2)
      eventmachine (>= 0.12.9)
      http_parser.rb (~> 0.6.0)
    eventmachine (1.2.7)
    fast-stemmer (1.0.2)
    fastercsv (1.5.5)
    ffi (1.15.1)
    formatador (0.2.5)
    fssm (0.2.10)
    guard (2.17.0)
      formatador (>= 0.2.4)
      listen (>= 2.7, < 4.0)
      lumberjack (>= 1.0.12, < 2.0)
      nenv (~> 0.1)
      notiffany (~> 0.0)
      pry (>= 0.9.12)
      shellany (~> 0.0)
      thor (>= 0.18.1)
    guard-compat (1.2.1)
    guard-livereload (2.5.2)
      em-websocket (~> 0.5)
      guard (~> 2.8)
      guard-compat (~> 1.0)
      multi_json (~> 1.8)
    haml (5.2.1)
      temple (>= 0.8.0)
      tilt
    hpricot (0.8.6)
    http_parser.rb (0.6.0)
    jekyll (0.11.0)
      albino (>= 1.3.2)
      classifier (>= 1.3.1)
      directory_watcher (>= 1.1.1)
      kramdown (>= 0.13.2)
      liquid (>= 1.9.0)
      maruku (>= 0.5.9)
    jekyll-import (0.1.0.beta1)
      fastercsv
      jekyll
      nokogiri
      safe_yaml (~> 0.7)
    kramdown (2.3.1)
      rexml
    liquid (2.3.0)
    listen (3.5.1)
      rb-fsevent (~> 0.10, >= 0.10.3)
      rb-inotify (~> 0.9, >= 0.9.10)
    lumberjack (1.2.8)
    maruku (0.7.3)
    mathn (0.1.0)
    method_source (1.0.0)
    mini_portile2 (2.5.3)
    multi_json (1.15.0)
    mustermann (1.1.1)
      ruby2_keywords (~> 0.0.1)
    nenv (0.3.0)
    nokogiri (1.11.7)
      mini_portile2 (~> 2.5.0)
      racc (~> 1.4)
    notiffany (0.1.3)
      nenv (~> 0.1)
      shellany (~> 0.0)
    posix-spawn (0.3.15)
    pry (0.14.1)
      coderay (~> 1.1)
      method_source (~> 1.0)
    pygments.rb (2.2.0)
    racc (1.5.2)
    rack (2.2.3)
    rack-protection (2.1.0)
      rack
    rake (13.0.3)
    rb-fsevent (0.11.0)
    rb-inotify (0.10.1)
      ffi (~> 1.0)
    rdiscount (2.0.7.3)
    rexml (3.2.5)
    ruby2_keywords (0.0.4)
    rubypants (0.2.0)
    safe_yaml (0.9.7)
    sass (3.7.4)
      sass-listen (~> 4.0.0)
    sass-globbing (1.0.0)
      sass (>= 3.1)
    sass-listen (4.0.0)
      rb-fsevent (~> 0.9, >= 0.9.4)
      rb-inotify (~> 0.9, >= 0.9.7)
    shellany (0.0.1)
    sinatra (2.1.0)
      mustermann (~> 1.0)
      rack (~> 2.2)
      rack-protection (= 2.1.0)
      tilt (~> 2.0)
    stringex (1.4.0)
    temple (0.8.2)
    thor (1.1.0)
    tilt (2.0.10)
    yajl-ruby (1.4.1)

PLATFORMS
  ruby

DEPENDENCIES
  RedCloth (~> 4.3.0)
  compass (~> 0.12.2)
  guard
  guard-livereload
  haml (>= 5.0.0)
  hpricot
  jekyll
  jekyll-import
  kramdown (>= 2.3.0)
  liquid (~> 2.3.0)
  nokogiri (>= 1.11.4)
  pygments.rb
  rack (>= 2.1.4)
  rack-protection (>= 1.5.5)
  rake (>= 12.3.3)
  rb-fsevent (~> 0.9)
  rdiscount (~> 2.0.7)
  rubypants (~> 0.2.0)
  sass (~> 3.2)
  sass-globbing (~> 1.0.0)
  sinatra
  stringex (~> 1.4.0)
  yajl-ruby (>= 1.3.1)

BUNDLED WITH
   2.1.4
